GEM
  remote: http://rubygems.org/
  specs:
    rake (0.9.2.2)
    xml-motor (0.1.0)

PLATFORMS
  ruby

DEPENDENCIES
  rake
  xml-motor
