GEM
  remote: http://rubygems.org/
  specs:
    rake (13.0.1)
    xml-motor (0.1.6)

PLATFORMS
  ruby

DEPENDENCIES
  rake
  xml-motor

BUNDLED WITH
   1.17.2
